GEM
  remote: https://rubygems.org/
  specs:
    activemodel (7.2.2.1)
      activesupport (= 7.2.2.1)
    activesupport (7.2.2.1)
      base64
      benchmark (>= 0.3)
      bigdecimal
      concurrent-ruby (~> 1.0, >= 1.3.1)
      connection_pool (>= 2.2.5)
      drb
      i18n (>= 1.6, < 2)
      logger (>= 1.4.2)
      minitest (>= 5.1)
      securerandom (>= 0.3)
      tzinfo (~> 2.0, >= 2.0.5)
    addressable (2.8.7)
      public_suffix (>= 2.0.2, < 7.0)
    amazing_print (1.7.2)
    base64 (0.2.0)
    benchmark (0.4.0)
    bigdecimal (3.1.9)
    bridgetown (1.1.0)
      bridgetown-builder (= 1.1.0)
      bridgetown-core (= 1.1.0)
      bridgetown-paginate (= 1.1.0)
    bridgetown-builder (1.1.0)
      bridgetown-core (= 1.1.0)
    bridgetown-core (1.1.0)
      activemodel (>= 6.0, < 8.0)
      activesupport (>= 6.0, < 8.0)
      addressable (~> 2.4)
      amazing_print (~> 1.2)
      colorator (~> 1.0)
      erubi (~> 1.9)
      faraday (~> 1.0)
      faraday_middleware (~> 1.0)
      hash_with_dot_access (~> 1.2)
      i18n (~> 1.0)
      kramdown (~> 2.1)
      kramdown-parser-gfm (~> 1.0)
      liquid (~> 5.0)
      listen (~> 3.0)
      rake (>= 13.0)
      roda (~> 3.46)
      rouge (~> 3.0)
      serbea (~> 1.0)
      terminal-table (~> 1.8)
      thor (~> 1.1)
      tilt (~> 2.0)
      webrick (~> 1.7)
      zeitwerk (~> 2.5)
    bridgetown-paginate (1.1.0)
      bridgetown-core (= 1.1.0)
    colorator (1.1.0)
    concurrent-ruby (1.3.5)
    connection_pool (2.5.0)
    csv (3.3.2)
    debug (1.6.2)
      irb (>= 1.3.6)
      reline (>= 0.3.1)
    drb (2.2.1)
    erubi (1.13.1)
    faraday (1.10.4)
      faraday-em_http (~> 1.0)
      faraday-em_synchrony (~> 1.0)
      faraday-excon (~> 1.1)
      faraday-httpclient (~> 1.0)
      faraday-multipart (~> 1.0)
      faraday-net_http (~> 1.0)
      faraday-net_http_persistent (~> 1.0)
      faraday-patron (~> 1.0)
      faraday-rack (~> 1.0)
      faraday-retry (~> 1.0)
      ruby2_keywords (>= 0.0.4)
    faraday-em_http (1.0.0)
    faraday-em_synchrony (1.0.0)
    faraday-excon (1.1.0)
    faraday-httpclient (1.0.1)
    faraday-multipart (1.1.0)
      multipart-post (~> 2.0)
    faraday-net_http (1.0.2)
    faraday-net_http_persistent (1.2.0)
    faraday-patron (1.0.0)
    faraday-rack (1.0.0)
    faraday-retry (1.0.3)
    faraday_middleware (1.2.1)
      faraday (~> 1.0)
    ffi (1.17.1-arm64-darwin)
    ffi (1.17.1-x86_64-linux-gnu)
    hash_with_dot_access (1.2.0)
      activesupport (>= 5.0.0, < 8.0)
    i18n (1.14.7)
      concurrent-ruby (~> 1.0)
    io-console (0.5.11)
    irb (1.4.2)
      reline (>= 0.3.0)
    kramdown (2.5.1)
      rexml (>= 3.3.9)
    kramdown-parser-gfm (1.1.0)
      kramdown (~> 2.0)
    liquid (5.7.2)
      bigdecimal
      strscan (>= 3.1.1)
    listen (3.9.0)
      rb-fsevent (~> 0.10, >= 0.10.3)
      rb-inotify (~> 0.9, >= 0.9.10)
    logger (1.6.5)
    minitest (5.25.4)
    multipart-post (2.4.1)
    nio4r (2.7.3)
    public_suffix (6.0.1)
    puma (6.4.3)
      nio4r (~> 2.0)
    rack (3.1.17)
    rake (13.2.1)
    rb-fsevent (0.11.2)
    rb-inotify (0.11.1)
      ffi (~> 1.0)
    reline (0.3.1)
      io-console (~> 0.5)
    rexml (3.4.2)
    roda (3.88.0)
      rack
    rouge (3.30.0)
    ruby2_keywords (0.0.5)
    securerandom (0.4.1)
    serbea (1.0.1)
      activesupport (>= 6.0)
      erubi (>= 1.10)
      tilt (~> 2.0)
    strscan (3.1.2)
    terminal-table (1.8.0)
      unicode-display_width (~> 1.1, >= 1.1.1)
    thor (1.3.2)
    tilt (2.6.0)
    tzinfo (2.0.6)
      concurrent-ruby (~> 1.0)
    unicode-display_width (1.8.0)
    webrick (1.9.1)
    zeitwerk (2.6.18)

PLATFORMS
  arm64-darwin-21
  arm64-darwin-24
  x86_64-linux

DEPENDENCIES
  bridgetown (~> 1.1.0)
  csv (~> 3.3)
  debug
  puma

BUNDLED WITH
   2.3.22
